{
	"Modality": "MR",
	"TaskName": "checker",
	"MagneticFieldStrength": 6.98,
	"ImagingFrequency": 297.181,
	"Manufacturer": "Siemens",
	"ManufacturersModelName": "Investigational_Device_7T",
	"InstitutionName": "MGH 7T",
	"InstitutionalDepartmentName": "MGH NMR Center",
	"InstitutionAddress": "13 St 149,Charlestown,Massachusetts,US,02129",
	"DeviceSerialNumber": "18001",
	"StationName": "BAY5OC",
	"PatientPosition": "HFS",
	"ProcedureStepDescription": "INVESTIGATORS^Laura",
	"SoftwareVersions": "syngo MR B17",
	"MRAcquisitionType": "2D",
	"ScanningSequence": "EP",
	"SAR": 0.175083,
	"EchoTime": 0.026,
	"RepetitionTime": 1.11,
	"FlipAngle": 70,
	"PartialFourier": 1,
	"BaseResolution": 174,
	"RefLinesPE": 128,
	"PercentPhaseFOV": 100,
	"PercentSampling": 100,
	"PhaseEncodingSteps": 172,
	"AcquisitionMatrixPE": 174,
	"ReconMatrixPE": 174,
	"BandwidthPerPixelPhaseEncode": 29.099,
	"ParallelReductionFactorInPlane": 4,
	"EffectiveEchoSpacing": 0.000197503,
	"DerivedVendorReportedEchoSpacing": 0.00079001,
	"TotalReadoutTime": 0.0341679,
	"PixelBandwidth": 1512,
	"DwellTime": 1.9e-06,
	"PhaseEncodingDirection": "j-",
	"ImageOrientationPatientDICOM": [
		1,
		0,
		0,
		0,
		0.990268,
		-0.139173	],
	"InPlanePhaseEncodingDirectionDICOM": "COL",
	"ConversionSoftware": "dcm2niix",
	"ConversionSoftwareVersion": "v1.0.20210317"
}
