{
	"Modality": "MR",
	"MagneticFieldStrength": 6.98,
	"ImagingFrequency": 297.181,
	"Manufacturer": "Siemens",
	"ManufacturersModelName": "Investigational_Device_7T",
	"InstitutionName": "Martinos Center 7T",
	"InstitutionalDepartmentName": "MGH NMR Center",
	"InstitutionAddress": "13 St 149,Charlestown,Massachusetts,US,02129",
	"DeviceSerialNumber": "18001",
	"StationName": "BAY5OC",
	"PatientPosition": "HFS",
	"ProcedureStepDescription": "INVESTIGATORS^Laura",
	"SoftwareVersions": "syngo MR B17",
	"MRAcquisitionType": "2D",
	"SeriesDescription": "ep2d_bold_SMS_v23b_1p1iso_FOVshift2_SNR",
	"ProtocolName": "ep2d_bold_SMS_v23b_1p1iso_FOVshift2_SNR",
	"ScanningSequence": "EP",
	"SequenceVariant": "SK",
	"ScanOptions": "FS",
	"SequenceName": "epfid2d1_174",
	"ImageType": ["ORIGINAL", "PRIMARY", "M", "ND", "MOSAIC"],
	"SeriesNumber": 16,
	"AcquisitionTime": "19:18:3.442500",
	"AcquisitionNumber": 1,
	"ImageComments": "SMS_MGH_V2.2; MB=2; FOVshift=2; K_PE=5; K_RO=5; CCR=1; LeakBlockOn;",
	"SliceThickness": 1.1,
	"SpacingBetweenSlices": 1.1,
	"SAR": 0.188013,
	"EchoTime": 0.026,
	"RepetitionTime": 1.11,
	"FlipAngle": 70,
	"PartialFourier": 1,
	"BaseResolution": 174,
	"ShimSetting": [
		43,
		139,
		900,
		-29,
		501,
		-1145,
		137,
		484	],
	"TxRefAmp": 320,
	"PhaseResolution": 1,
	"ReceiveCoilName": "7T31ChHeadSG",
	"CoilString": "C:H12-18,21-28,31-38,41-48",
	"PulseSequenceDetails": "%CustomerSeq%\\ep2d_bold_sms_mgh_v23b",
	"RefLinesPE": 128,
	"PercentPhaseFOV": 100,
	"PercentSampling": 100,
	"PhaseEncodingSteps": 172,
	"AcquisitionMatrixPE": 174,
	"ReconMatrixPE": 174,
	"BandwidthPerPixelPhaseEncode": 29.099,
	"ParallelReductionFactorInPlane": 4,
	"EffectiveEchoSpacing": 0.000197503,
	"DerivedVendorReportedEchoSpacing": 0.00079001,
	"TotalReadoutTime": 0.0341679,
	"PixelBandwidth": 1512,
	"DwellTime": 1.9e-06,
	"PhaseEncodingDirection": "j-",
	"ImageOrientationPatientDICOM": [
		0.994549,
		0.058254,
		-0.0864851,
		-0.0695456,
		0.988553,
		-0.133888	],
	"InPlanePhaseEncodingDirectionDICOM": "COL",
	"ConversionSoftware": "dcm2niix",
	"ConversionSoftwareVersion": "v1.0.20210317"
}
