{
	"Modality": "MR",
	"MagneticFieldStrength": 6.98,
	"ImagingFrequency": 297.181,
	"Manufacturer": "Siemens",
	"ManufacturersModelName": "Investigational_Device_7T",
	"InstitutionName": "MGH 7T",
	"InstitutionalDepartmentName": "MGH NMR Center",
	"InstitutionAddress": "13 St 149,Charlestown,Massachusetts,US,02129",
	"DeviceSerialNumber": "18001",
	"StationName": "BAY5OC",
	"PatientPosition": "HFS",
	"ProcedureStepDescription": "INVESTIGATORS^Laura",
	"SoftwareVersions": "syngo MR B17",
	"MRAcquisitionType": "2D",
	"SeriesDescription": "ep2d_bold_SMS_ver6_1p1iso_FOVshift2_RR",
	"ProtocolName": "ep2d_bold_SMS_ver6_1p1iso_FOVshift2",
	"ScanningSequence": "EP",
	"SequenceVariant": "SK",
	"ScanOptions": "FS",
	"SequenceName": "epfid2d1_174",
	"ImageType": ["ORIGINAL", "PRIMARY", "M", "ND", "MOSAIC"],
	"SeriesNumber": 33,
	"AcquisitionTime": "16:33:45.612500",
	"AcquisitionNumber": 1,
	"ImageComments": "vary4/19910101/16.03.03-15:39:04-STD-1.3.12.2.1107.5.2.34.18001/2",
	"SliceThickness": 1.1,
	"SpacingBetweenSlices": 1.1,
	"EchoTime": 0.026,
	"RepetitionTime": 1.11,
	"FlipAngle": 63,
	"PartialFourier": 1,
	"BaseResolution": 174,
	"ShimSetting": [
		296,
		442,
		940,
		356,
		621,
		-806,
		246,
		169	],
	"TxRefAmp": 430,
	"PhaseResolution": 1,
	"ReceiveCoilName": "7T31ChHeadSG",
	"CoilString": "C:H12-18,21-28,31-38,41-48",
	"PulseSequenceDetails": "%CustomerSeq%/jonp\\ep2d_bold_mse_patref_SliceAcc_ver6",
	"RefLinesPE": 96,
	"PercentPhaseFOV": 100,
	"PercentSampling": 100,
	"PhaseEncodingSteps": 172,
	"AcquisitionMatrixPE": 174,
	"ReconMatrixPE": 174,
	"BandwidthPerPixelPhaseEncode": 29.099,
	"ParallelReductionFactorInPlane": 4,
	"EffectiveEchoSpacing": 0.000197503,
	"DerivedVendorReportedEchoSpacing": 0.00079001,
	"TotalReadoutTime": 0.0341679,
	"PixelBandwidth": 1512,
	"DwellTime": 1.9e-06,
	"PhaseEncodingDirection": "j-",
	"ImageOrientationPatientDICOM": [
		0.999586,
		0.0063066,
		0.0280808,
		-3.39828e-08,
		0.975696,
		-0.219128	],
	"InPlanePhaseEncodingDirectionDICOM": "COL",
	"ConversionSoftware": "dcm2niix",
	"ConversionSoftwareVersion": "v1.0.20210317"
}
