{
	"Modality": "MR",
	"MagneticFieldStrength": 6.98,
	"ImagingFrequency": 297.181,
	"Manufacturer": "Siemens",
	"ManufacturersModelName": "Investigational_Device_7T",
	"InstitutionName": "Martinos Center 7T",
	"InstitutionalDepartmentName": "MGH NMR Center",
	"InstitutionAddress": "13 St 149,Charlestown,Massachusetts,US,02129",
	"DeviceSerialNumber": "18001",
	"StationName": "BAY5OC",
	"PatientPosition": "HFS",
	"ProcedureStepDescription": "INVESTIGATORS^Laura",
	"SoftwareVersions": "syngo MR B17",
	"MRAcquisitionType": "3D",
	"SeriesDescription": "MEMPRAGE_2e_p2_750iso_FOCI_500V RMS",
	"ProtocolName": "MEMPRAGE_2e_p2_750iso_FOCI_500V",
	"ScanningSequence": "GR\\IR",
	"SequenceVariant": "SP\\MP",
	"ScanOptions": "IR",
	"SequenceName": "tfl3d2_ns",
	"ImageType": ["ORIGINAL", "PRIMARY", "OTHER", "ND", "MEAN"],
	"SeriesNumber": 14,
	"AcquisitionTime": "18:50:39.842500",
	"AcquisitionNumber": 1,
	"SliceThickness": 0.75,
	"SAR": 0.400536,
	"NumberOfAverages": 2,
	"EchoTime": 0.00176,
	"RepetitionTime": 2.53,
	"InversionTime": 1.1,
	"FlipAngle": 7,
	"PartialFourier": 1,
	"BaseResolution": 320,
	"ShimSetting": [
		101,
		259,
		872,
		120,
		217,
		-311,
		398,
		448	],
	"TxRefAmp": 450,
	"PhaseResolution": 1,
	"ReceiveCoilName": "7T31ChHeadSG",
	"CoilString": "C:H12-18,21-28,31-38,41-48",
	"PulseSequenceDetails": "%CustomerSeq%/jonp/\\tfl_mgh_multiecho_genericinv",
	"RefLinesPE": 32,
	"PercentPhaseFOV": 100,
	"PercentSampling": 100,
	"PhaseEncodingSteps": 319,
	"AcquisitionMatrixPE": 320,
	"ReconMatrixPE": 320,
	"ParallelReductionFactorInPlane": 2,
	"PixelBandwidth": 651,
	"DwellTime": 2.4e-06,
	"ImageOrientationPatientDICOM": [
		-0.0144113,
		0.999831,
		-0.0113724,
		0.0233575,
		-0.0110339,
		-0.999666	],
	"InPlanePhaseEncodingDirectionDICOM": "ROW",
	"ConversionSoftware": "dcm2niix",
	"ConversionSoftwareVersion": "v1.0.20210317"
}
