{
	"Modality": "MR",
	"MagneticFieldStrength": 6.98,
	"ImagingFrequency": 297.181,
	"Manufacturer": "Siemens",
	"ManufacturersModelName": "Investigational_Device_7T",
	"InstitutionName": "Martinos Center 7T",
	"InstitutionalDepartmentName": "MGH NMR Center",
	"InstitutionAddress": "13 St 149,Charlestown,Massachusetts,US,02129",
	"DeviceSerialNumber": "18001",
	"StationName": "BAY5OC",
	"PatientPosition": "HFS",
	"ProcedureStepDescription": "INVESTIGATORS^Laura",
	"SoftwareVersions": "syngo MR B17",
	"MRAcquisitionType": "3D",
	"SeriesDescription": "MEMPRAGE_750iso_FOCI_520V RMS",
	"ProtocolName": "MEMPRAGE_750iso_FOCI_520V",
	"ScanningSequence": "GR\\IR",
	"SequenceVariant": "SP\\MP",
	"ScanOptions": "IR",
	"SequenceName": "tfl3d2_ns",
	"ImageType": ["ORIGINAL", "PRIMARY", "OTHER", "ND", "MEAN"],
	"SeriesNumber": 14,
	"AcquisitionTime": "15:49:11.102500",
	"AcquisitionNumber": 1,
	"SliceThickness": 0.75,
	"SAR": 0.131292,
	"NumberOfAverages": 2,
	"EchoTime": 0.00176,
	"RepetitionTime": 2.53,
	"InversionTime": 1.1,
	"FlipAngle": 7,
	"PartialFourier": 1,
	"BaseResolution": 320,
	"ShimSetting": [
		152,
		113,
		803,
		-37,
		279,
		-595,
		-152,
		221	],
	"TxRefAmp": 420,
	"PhaseResolution": 1,
	"ReceiveCoilName": "7T31ChHeadSG",
	"CoilString": "C:H12-18,21-28,31-38,41-48",
	"PulseSequenceDetails": "%CustomerSeq%/jonp/\\tfl_mgh_multiecho_genericinv",
	"RefLinesPE": 32,
	"PercentPhaseFOV": 100,
	"PercentSampling": 100,
	"PhaseEncodingSteps": 319,
	"AcquisitionMatrixPE": 320,
	"ReconMatrixPE": 320,
	"ParallelReductionFactorInPlane": 2,
	"PixelBandwidth": 651,
	"DwellTime": 2.4e-06,
	"ImageOrientationPatientDICOM": [
		-0.0621104,
		0.996913,
		-0.048035,
		0.0425371,
		-0.0454402,
		-0.998061	],
	"InPlanePhaseEncodingDirectionDICOM": "ROW",
	"ConversionSoftware": "dcm2niix",
	"ConversionSoftwareVersion": "v1.0.20210317"
}
